GEM
  remote: https://rubygems.org/
  specs:
    mini_portile (0.6.2)
    nokogiri (1.6.6.2)
      mini_portile (~> 0.6.0)
    openssl (1.0.0.beta)

PLATFORMS
  ruby

DEPENDENCIES
  nokogiri
  openssl
